GEM
  remote: https://rubygems.org/
  specs:
    activemodel (4.1.14.1)
      activesupport (= 4.1.14.1)
      builder (~> 3.1)
    activerecord (4.1.14.1)
      activemodel (= 4.1.14.1)
      activesupport (= 4.1.14.1)
      arel (~> 5.0.0)
    activesupport (4.1.14.1)
      i18n (~> 0.6, >= 0.6.9)
      json (~> 1.7, >= 1.7.7)
      minitest (~> 5.1)
      thread_safe (~> 0.1)
      tzinfo (~> 1.1)
    arel (5.0.1.20140414130214)
    builder (3.2.3)
    concurrent-ruby (1.0.5)
    i18n (0.9.5)
      concurrent-ruby (~> 1.0)
    json (1.8.6)
    minitest (5.11.3)
    mustermann (1.1.1)
      ruby2_keywords (~> 0.0.1)
    rack (2.0.8)
    rack-protection (2.0.2)
      rack
    rack-test (0.6.3)
      rack (>= 1.0)
    rake (10.4.2)
    ruby2_keywords (0.0.2)
    sinatra (2.0.2)
      mustermann (~> 1.0)
      rack (~> 2.0)
      rack-protection (= 2.0.2)
      tilt (~> 2.0)
    sinatra-activerecord (2.0.13)
      activerecord (>= 3.2)
      sinatra (>= 1.0)
    sqlite3 (1.3.10)
    thread_safe (0.3.6)
    tilt (2.0.10)
    tzinfo (1.2.5)
      thread_safe (~> 0.1)

PLATFORMS
  ruby

DEPENDENCIES
  activerecord (= 4.1.14.1)
  rack (= 2.0.8)
  rack-test (= 0.6.3)
  rake (= 10.4.2)
  sinatra (= 2.0.2)
  sinatra-activerecord (= 2.0.13)
  sqlite3 (= 1.3.10)

RUBY VERSION
   ruby 2.2.2p95

BUNDLED WITH
   1.16.1
